GEM
  remote: https://rubygems.org/
  specs:
    base64 (0.2.0)
    daemons (1.4.1)
    diff-lcs (1.5.1)
    domain_name (0.6.20240107)
    eventmachine (1.2.7)
    ffi (1.17.0-x86_64-linux-gnu)
    http-accept (1.7.0)
    http-cookie (1.0.7)
      domain_name (~> 0.5)
    listen (3.9.0)
      rb-fsevent (~> 0.10, >= 0.10.3)
      rb-inotify (~> 0.9, >= 0.9.10)
    logger (1.6.1)
    mime-types (3.6.0)
      logger
      mime-types-data (~> 3.2015)
    mime-types-data (3.2024.1105)
    mustermann (3.0.3)
      ruby2_keywords (~> 0.0.1)
    netrc (0.11.0)
    rack (2.2.10)
    rack-protection (3.2.0)
      base64 (>= 0.1.0)
      rack (~> 2.2, >= 2.2.4)
    rack-test (2.1.0)
      rack (>= 1.3)
    rb-fsevent (0.11.2)
    rb-inotify (0.11.1)
      ffi (~> 1.0)
    rerun (0.14.0)
      listen (~> 3.0)
    rest-client (2.1.0)
      http-accept (>= 1.7.0, < 2.0)
      http-cookie (>= 1.0.2, < 2.0)
      mime-types (>= 1.16, < 4.0)
      netrc (~> 0.8)
    rspec (3.13.0)
      rspec-core (~> 3.13.0)
      rspec-expectations (~> 3.13.0)
      rspec-mocks (~> 3.13.0)
    rspec-core (3.13.2)
      rspec-support (~> 3.13.0)
    rspec-expectations (3.13.3)
      diff-lcs (>= 1.2.0, < 2.0)
      rspec-support (~> 3.13.0)
    rspec-mocks (3.13.2)
      diff-lcs (>= 1.2.0, < 2.0)
      rspec-support (~> 3.13.0)
    rspec-retry (0.6.2)
      rspec-core (> 3.3)
    rspec-support (3.13.1)
    rspec_junit_formatter (0.6.0)
      rspec-core (>= 2, < 4, != 2.12.0)
    ruby2_keywords (0.0.5)
    rubysl-securerandom (2.0.0)
    sinatra (3.2.0)
      mustermann (~> 3.0)
      rack (~> 2.2, >= 2.2.4)
      rack-protection (= 3.2.0)
      tilt (~> 2.0)
    thin (1.8.2)
      daemons (~> 1.0, >= 1.0.9)
      eventmachine (~> 1.0, >= 1.0.4)
      rack (>= 1, < 3)
    tilt (2.4.0)

PLATFORMS
  x86_64-linux

DEPENDENCIES
  rack-test
  rerun
  rest-client
  rspec
  rspec-retry
  rspec_junit_formatter
  rubysl-securerandom
  sinatra (~> 3.1)
  thin

BUNDLED WITH
   2.3.27
